GEM
  remote: http://rubygems.org/
  specs:
    arvicco-amqp (0.6.9)
      eventmachine (>= 0.12.4)
    diff-lcs (1.1.2)
    eventmachine (0.12.11)
    rspec (2.0.1)
      rspec-core (~> 2.0.1)
      rspec-expectations (~> 2.0.1)
      rspec-mocks (~> 2.0.1)
    rspec-core (2.0.1)
    rspec-expectations (2.0.1)
      diff-lcs (>= 1.1.2)
    rspec-mocks (2.0.1)
      rspec-core (~> 2.0.1)
      rspec-expectations (~> 2.0.1)
    win32console (1.3.0-x86-mingw32)

PLATFORMS
  ruby
  x86-mingw32

DEPENDENCIES
  arvicco-amqp (~> 0.6.8)
  rspec (~> 2.0.0)
  win32console
