GEM
  remote: http://rubygems.org/
  specs:
    amqp (0.6.7)
      eventmachine (>= 0.12.4)
    eventmachine (0.12.11)
    rspec (1.3.1)

PLATFORMS
  ruby
  x86-mingw32

DEPENDENCIES
  amqp
  rspec (~> 1.3.0)
