GEM
  remote: http://rubygems.org/
  specs:
    arvicco-amqp (0.6.9)
      eventmachine (>= 0.12.4)
    eventmachine (0.12.11)
    rspec (1.3.1)

PLATFORMS
  ruby
  x86-mingw32

DEPENDENCIES
  arvicco-amqp (~> 0.6.8)
  rspec (~> 1.3.0)
